PATH
  remote: .
  specs:
    password_strength (1.1.4)
      activemodel (= 5.1.0.beta1)

GEM
  remote: https://rubygems.org/
  specs:
    activemodel (5.1.0.beta1)
      activesupport (= 5.1.0.beta1)
    activesupport (5.1.0.beta1)
      concurrent-ruby (~> 1.0, >= 1.0.2)
      i18n (~> 0.7)
      minitest (~> 5.1)
      tzinfo (~> 1.1)
    concurrent-ruby (1.0.4)
    i18n (0.8.1)
    minitest (5.10.1)
    minitest-utils (0.3.1)
      minitest
    rake (12.0.0)
    thread_safe (0.3.6)
    tzinfo (1.2.2)
      thread_safe (~> 0.1)

PLATFORMS
  ruby

DEPENDENCIES
  minitest
  minitest-utils
  password_strength!
  rake

BUNDLED WITH
   1.14.5
