PATH
  remote: .
  specs:
    password_strength (1.1.4)
      activemodel (= 5.2.0.beta2)

GEM
  remote: https://rubygems.org/
  specs:
    activemodel (5.2.0.beta2)
      activesupport (= 5.2.0.beta2)
    activesupport (5.2.0.beta2)
      concurrent-ruby (~> 1.0, >= 1.0.2)
      i18n (~> 0.7)
      minitest (~> 5.1)
      tzinfo (~> 1.1)
    concurrent-ruby (1.0.5)
    i18n (0.9.1)
      concurrent-ruby (~> 1.0)
    minitest (5.10.3)
    minitest-utils (0.4.0)
      minitest
    rake (12.3.0)
    thread_safe (0.3.6)
    tzinfo (1.2.4)
      thread_safe (~> 0.1)

PLATFORMS
  ruby

DEPENDENCIES
  minitest
  minitest-utils
  password_strength!
  rake

BUNDLED WITH
   1.16.1
