PATH
  remote: .
  specs:
    password_strength (1.1.4)
      activemodel (= 7.0.2.2)

GEM
  remote: https://rubygems.org/
  specs:
    activemodel (7.0.2.2)
      activesupport (= 7.0.2.2)
    activesupport (7.0.2.2)
      concurrent-ruby (~> 1.0, >= 1.0.2)
      i18n (>= 1.6, < 2)
      minitest (>= 5.1)
      tzinfo (~> 2.0)
    concurrent-ruby (1.1.9)
    i18n (1.10.0)
      concurrent-ruby (~> 1.0)
    minitest (5.15.0)
    minitest-utils (0.4.8)
      minitest
    rake (13.0.6)
    tzinfo (2.0.4)
      concurrent-ruby (~> 1.0)

PLATFORMS
  x86_64-darwin-16
  x86_64-linux

DEPENDENCIES
  minitest
  minitest-utils
  password_strength!
  rake

BUNDLED WITH
   2.3.8
