PATH
  remote: .
  specs:
    password_strength (1.1.4)
      activemodel (= 6.0.0.beta1)

GEM
  remote: https://rubygems.org/
  specs:
    activemodel (6.0.0.beta1)
      activesupport (= 6.0.0.beta1)
    activesupport (6.0.0.beta1)
      concurrent-ruby (~> 1.0, >= 1.0.2)
      i18n (>= 0.7, < 2)
      minitest (~> 5.1)
      tzinfo (~> 1.1)
    concurrent-ruby (1.1.4)
    i18n (1.5.3)
      concurrent-ruby (~> 1.0)
    minitest (5.11.3)
    minitest-utils (0.4.4)
      minitest
    rake (12.3.2)
    thread_safe (0.3.6)
    tzinfo (1.2.5)
      thread_safe (~> 0.1)

PLATFORMS
  ruby

DEPENDENCIES
  minitest
  minitest-utils
  password_strength!
  rake

BUNDLED WITH
   1.17.3
